GEM
  remote: http://rubygems.org/
  specs:
    alias (0.2.2)
    awesome_print (0.4.0)
    boson (0.3.4)
      alias (>= 0.2.2)
      hirb (>= 0.5.0)
    clipboard (0.9.9)
    coderay (1.0.1)
    every_day_irb (1.1.0.pre.2)
    fancy_irb (0.7.1)
      paint (>= 0.8.1)
      unicode-display_width (>= 0.1.1)
    g (1.4.0)
      ruby-growl (>= 1.0.1)
    hirb (0.5.0)
    interactive_editor (0.0.10)
      spoon (>= 0.0.1)
    irbtools (1.1.0.pre.2)
      awesome_print (~> 0.4.0)
      boson (>= 0.3.4)
      clipboard (>= 0.9.9)
      coderay (~> 1.0.0)
      every_day_irb (>= 1.1.0.pre.2)
      fancy_irb (>= 0.7.1)
      g (>= 1.4.0)
      hirb (~> 0.5.0)
      interactive_editor (>= 0.0.10)
      looksee (~> 1.0.3)
      method_locator (>= 0.0.4)
      methodfinder (>= 1.2.3)
      ori (~> 0.1.0)
      paint (>= 0.8.3)
      rvm_loader (>= 1.0.0)
      sketches (>= 0.1.1)
      wirb (>= 0.4.1)
      zucker (>= 11)
    looksee (1.0.3)
    method_locator (0.0.4)
    methodfinder (1.2.3)
    ori (0.1.0)
    paint (0.8.3)
    ruby-growl (3.0)
    rvm_loader (1.0.0)
    sketches (0.1.1)
    spoon (0.0.1)
    unicode-display_width (0.1.1)
    wirb (0.4.1)
    zucker (11)

PLATFORMS
  ruby

DEPENDENCIES
  irbtools (>= 1.1.0.pre)
